GEM
  remote: https://rubygems.org/
  specs:
    pg (1.4.3)

PLATFORMS
  x86_64-darwin-18

DEPENDENCIES
  pg

BUNDLED WITH
   2.3.17
